GEM
  remote: https://rubygems.org/
  specs:
    active_support (3.0.0)
      activesupport (= 3.0.0)
    activesupport (3.0.0)
    clockwork (0.4.1)
      tzinfo
    diff-lcs (1.1.3)
    i18n (0.6.0)
    log4ever (0.0.9)
      active_support (>= 3.0.0)
      i18n (>= 0.6.0)
      log4r (>= 1.1.10)
    log4r (1.1.10)
    nokogiri (1.5.5)
    rspec (2.11.0)
      rspec-core (~> 2.11.0)
      rspec-expectations (~> 2.11.0)
      rspec-mocks (~> 2.11.0)
    rspec-core (2.11.1)
    rspec-expectations (2.11.1)
      diff-lcs (~> 1.1.3)
    rspec-mocks (2.11.1)
    tzinfo (0.3.33)

PLATFORMS
  ruby

DEPENDENCIES
  active_support
  clockwork
  i18n
  log4ever (>= 0.0.9)
  log4r
  nokogiri
  rspec (>= 2.10.0)
